GEM
  remote: https://rubygems.org/
  specs:
    charlock_holmes (0.7.3)
    escape_utils (1.1.1)
    github-linguist (5.0.11)
      charlock_holmes (~> 0.7.3)
      escape_utils (~> 1.1.0)
      mime-types (>= 1.19)
      rugged (>= 0.25.1)
    mime-types (3.1)
      mime-types-data (~> 3.2015)
    mime-types-data (3.2016.0521)
    rugged (0.26.0)

PLATFORMS
  ruby

DEPENDENCIES
  github-linguist

BUNDLED WITH
   1.15.2
